GIT
  remote: https://github.com/plataformatec/devise.git
  revision: fb48336709bc1a29ff15b7170ed7b33906c66888
  branch: 3-stable
  specs:
    devise (3.5.10)
      bcrypt (~> 3.0)
      orm_adapter (~> 0.1)
      railties (>= 3.2.6, < 5)
      responders
      thread_safe (~> 0.1)
      warden (~> 1.2.3)

GEM
  remote: https://rubygems.org/
  specs:
    actionmailer (4.2.11.3)
      actionpack (= 4.2.11.3)
      actionview (= 4.2.11.3)
      activejob (= 4.2.11.3)
      mail (~> 2.5, >= 2.5.4)
      rails-dom-testing (~> 1.0, >= 1.0.5)
    actionpack (4.2.11.3)
      actionview (= 4.2.11.3)
      activesupport (= 4.2.11.3)
      rack (~> 1.6)
      rack-test (~> 0.6.2)
      rails-dom-testing (~> 1.0, >= 1.0.5)
      rails-html-sanitizer (~> 1.0, >= 1.0.2)
    actionview (4.2.11.3)
      activesupport (= 4.2.11.3)
      builder (~> 3.1)
      erubis (~> 2.7.0)
      rails-dom-testing (~> 1.0, >= 1.0.5)
      rails-html-sanitizer (~> 1.0, >= 1.0.3)
    activejob (4.2.11.3)
      activesupport (= 4.2.11.3)
      globalid (>= 0.3.0)
    activemodel (4.2.11.3)
      activesupport (= 4.2.11.3)
      builder (~> 3.1)
    activerecord (4.2.11.3)
      activemodel (= 4.2.11.3)
      activesupport (= 4.2.11.3)
      arel (~> 6.0)
    activesupport (4.2.11.3)
      i18n (~> 0.7)
      minitest (~> 5.1)
      thread_safe (~> 0.3, >= 0.3.4)
      tzinfo (~> 1.1)
    addressable (2.3.8)
    ansi (1.5.0)
    arel (6.0.4)
    ast (2.4.2)
    attachable (0.0.5)
    awesome_print (1.9.2)
    bcrypt (3.1.19)
    binding_of_caller (1.0.0)
      debug_inspector (>= 0.0.1)
    bootstrap-datepicker-rails (1.10.0.1)
      railties (>= 3.0)
    builder (3.2.4)
    bundler-audit (0.9.1)
      bundler (>= 1.2.0, < 3)
      thor (~> 1.0)
    cancancan (3.5.0)
    clockwork (3.0.2)
      activesupport
      tzinfo
    coffee-rails (4.2.2)
      coffee-script (>= 2.2.0)
      railties (>= 4.0.0)
    coffee-script (2.4.1)
      coffee-script-source
      execjs
    coffee-script-source (1.12.2)
    concerto_calendar (0.0.9)
      google-api-client (~> 0.9)
      icalendar
      rails
    concerto_docsplit (0.7.5)
    concerto_frontend (0.4.3)
      rails
    concerto_hardware (0.8)
      rails
    concerto_iframe (0.1.0)
      rails
    concerto_remote_video (1.2)
      rails
      video_info (< 2.6)
    concerto_simple_rss (1.1)
      encryptor (~> 3.0)
      rails
      ruby-xslt (~> 0.9)
    concerto_weather (0.6)
      rails
    concurrent-ruby (1.2.2)
    crass (1.0.6)
    date (2.0.3)
    debug_inspector (1.1.0)
    declarative (0.0.20)
    delayed_job (4.1.11)
      activesupport (>= 3.0, < 8.0)
    delayed_job_active_record (4.1.8)
      activerecord (>= 3.0, < 8.0)
      delayed_job (>= 3.0, < 5)
    docile (1.4.0)
    easy_translate (0.5.1)
      thread
      thread_safe
    encryptor (3.0.0)
    erubis (2.7.0)
    execjs (2.2.2)
    faraday (0.9.2)
      multipart-post (>= 1.2, < 3)
    ffi (1.16.3)
    font-awesome-sass (6.4.2)
      sassc (~> 2.0)
    foreman (0.87.2)
    globalid (0.4.2)
      activesupport (>= 4.2.0)
    google-analytics-turbolinks (0.0.5)
    google-api-client (0.10.3)
      addressable (~> 2.3)
      googleauth (~> 0.5)
      httpclient (~> 2.7)
      hurley (~> 0.1)
      memoist (~> 0.11)
      mime-types (>= 1.6)
      representable (~> 3.0)
      retriable (>= 2.0, < 4.0)
    googleauth (0.5.1)
      faraday (~> 0.9)
      jwt (~> 1.4)
      logging (~> 2.0)
      memoist (~> 0.12)
      multi_json (~> 1.11)
      os (~> 0.9)
      signet (~> 0.7)
    highline (2.1.0)
    hike (1.2.3)
    htmlentities (4.3.4)
    httpclient (2.8.3)
    hurley (0.2)
    i18n (0.9.5)
      concurrent-ruby (~> 1.0)
    i18n-js (3.0.11)
      i18n (>= 0.6.6, < 2)
    i18n-tasks (0.9.0)
      activesupport (>= 4.0.2)
      ast (>= 2.1.0)
      easy_translate (>= 0.5.0)
      erubis
      highline (>= 1.7.3)
      i18n
      parser (>= 2.2.3.0)
      term-ansicolor (>= 1.3.2)
      terminal-table (>= 1.5.1)
    icalendar (2.10.0)
      ice_cube (~> 0.16)
    ice_cube (0.16.4)
    iso8601 (0.13.0)
    jquery-rails (4.6.0)
      rails-dom-testing (>= 1, < 3)
      railties (>= 4.2.0)
      thor (>= 0.14, < 2.0)
    jquery-timepicker-rails (1.11.10)
      railties (>= 3.1.0)
    json (2.6.3)
    jwt (1.5.6)
    kaminari (1.2.2)
      activesupport (>= 4.1.0)
      kaminari-actionview (= 1.2.2)
      kaminari-activerecord (= 1.2.2)
      kaminari-core (= 1.2.2)
    kaminari-actionview (1.2.2)
      actionview
      kaminari-core (= 1.2.2)
    kaminari-activerecord (1.2.2)
      activerecord
      kaminari-core (= 1.2.2)
    kaminari-core (1.2.2)
    little-plugger (1.1.4)
    logging (2.3.1)
      little-plugger (~> 1.1)
      multi_json (~> 1.14)
    loofah (2.21.4)
      crass (~> 1.0.2)
      nokogiri (>= 1.12.0)
    mail (2.8.1)
      mini_mime (>= 0.1.1)
      net-imap
      net-pop
      net-smtp
    memoist (0.16.2)
    mime-types (3.5.1)
      mime-types-data (~> 3.2015)
    mime-types-data (3.2023.1003)
    mini_mime (1.1.5)
    mini_portile2 (2.8.5)
    minitest (5.20.0)
    multi_json (1.15.0)
    multipart-post (2.3.0)
    mysql2 (0.5.5)
    net-imap (0.3.7)
      date
      net-protocol
    net-pop (0.1.2)
      net-protocol
    net-protocol (0.2.2)
      timeout
    net-smtp (0.4.0)
      net-protocol
    nokogiri (1.13.10)
      mini_portile2 (~> 2.8.0)
      racc (~> 1.4)
    nprogress-rails (0.2.0.2)
    octokit (4.2.0)
      sawyer (~> 0.6.0, >= 0.5.3)
    oga (3.4)
      ast
      ruby-ll (~> 2.1)
    open_uri_redirections (0.2.1)
    orm_adapter (0.5.0)
    os (0.9.6)
    parser (3.2.2.4)
      ast (~> 2.4.1)
      racc
    pg (0.21.0)
    pkg-config (1.5.5)
    public_activity (1.6.4)
      actionpack (>= 3.0.0)
      activerecord (>= 3.0)
      i18n (>= 0.5.0)
      railties (>= 3.0.0)
    racc (1.7.3)
    rack (1.6.13)
    rack-mini-profiler (3.1.1)
      rack (>= 1.2.0)
    rack-test (0.6.3)
      rack (>= 1.0)
    rails (4.2.11.3)
      actionmailer (= 4.2.11.3)
      actionpack (= 4.2.11.3)
      actionview (= 4.2.11.3)
      activejob (= 4.2.11.3)
      activemodel (= 4.2.11.3)
      activerecord (= 4.2.11.3)
      activesupport (= 4.2.11.3)
      bundler (>= 1.3.0, < 2.0)
      railties (= 4.2.11.3)
      sprockets-rails
    rails-deprecated_sanitizer (1.0.4)
      activesupport (>= 4.2.0.alpha)
    rails-dom-testing (1.0.9)
      activesupport (>= 4.2.0, < 5.0)
      nokogiri (~> 1.6)
      rails-deprecated_sanitizer (>= 1.0.1)
    rails-html-sanitizer (1.5.0)
      loofah (~> 2.19, >= 2.19.1)
    railties (4.2.11.3)
      actionpack (= 4.2.11.3)
      activesupport (= 4.2.11.3)
      rake (>= 0.8.7)
      thor (>= 0.18.1, < 2.0)
    rake (13.1.0)
    rb-fsevent (0.11.2)
    rb-inotify (0.10.1)
      ffi (~> 1.0)
    redcarpet (3.5.1)
    representable (3.2.0)
      declarative (< 0.1.0)
      trailblazer-option (>= 0.1.1, < 0.2.0)
      uber (< 0.2.0)
    responders (2.4.1)
      actionpack (>= 4.2.0, < 6.0)
      railties (>= 4.2.0, < 6.0)
    retriable (3.1.2)
    rmagick (5.3.0)
      pkg-config (~> 1.4)
    ruby-ll (2.1.3)
      ansi
      ast
    ruby-xslt (0.9.10)
    rubyzip (1.3.0)
    sass (3.7.4)
      sass-listen (~> 4.0.0)
    sass-listen (4.0.0)
      rb-fsevent (~> 0.9, >= 0.9.4)
      rb-inotify (~> 0.9, >= 0.9.7)
    sass-rails (5.0.7)
      railties (>= 4.0.0, < 6)
      sass (~> 3.1)
      sprockets (>= 2.8, < 4.0)
      sprockets-rails (>= 2.0, < 4.0)
      tilt (>= 1.1, < 3)
    sassc (2.4.0)
      ffi (~> 1.9)
    sawyer (0.6.0)
      addressable (~> 2.3.5)
      faraday (~> 0.8, < 0.10)
    signet (0.12.0)
      addressable (~> 2.3)
      faraday (~> 0.9)
      jwt (>= 1.5, < 3.0)
      multi_json (~> 1.10)
    simplecov (0.22.0)
      docile (~> 1.1)
      simplecov-html (~> 0.11)
      simplecov_json_formatter (~> 0.1)
    simplecov-html (0.12.3)
    simplecov_json_formatter (0.1.4)
    slop (3.6.0)
    sprockets (2.12.5)
      hike (~> 1.2)
      multi_json (~> 1.0)
      rack (~> 1.0)
      tilt (~> 1.1, != 1.3.0)
    sprockets-rails (2.3.3)
      actionpack (>= 3.0)
      activesupport (>= 3.0)
      sprockets (>= 2.8, < 4.0)
    sqlite3 (1.3.13)
    sync (0.5.0)
    term-ansicolor (1.7.1)
      tins (~> 1.0)
    terminal-table (3.0.2)
      unicode-display_width (>= 1.1.1, < 3)
    thor (1.3.0)
    thread (0.2.2)
    thread_safe (0.3.6)
    tilt (1.4.1)
    timeout (0.4.1)
    tins (1.32.1)
      sync
    trailblazer-option (0.1.2)
    turbolinks (2.5.4)
      coffee-rails
    twitter-bootstrap-rails-confirm (2.0.2)
    tzinfo (1.2.11)
      thread_safe (~> 0.1)
    uber (0.1.0)
    uglifier (2.7.2)
      execjs (>= 0.3.0)
      json (>= 1.8.0)
    unicode-display_width (2.5.0)
    video_info (2.5.0)
      addressable
      htmlentities
      iso8601
      multi_json (~> 1.11)
      oga
      open_uri_redirections
    warden (1.2.7)
      rack (>= 1.0)
    web-console (2.3.0)
      activemodel (>= 4.0)
      binding_of_caller (>= 0.7.2)
      railties (>= 4.0)
      sprockets-rails (>= 2.0, < 4.0)

PLATFORMS
  ruby

DEPENDENCIES
  attachable
  awesome_print
  bootstrap-datepicker-rails
  bundler-audit
  cancancan
  clockwork
  coffee-rails
  concerto_calendar
  concerto_docsplit
  concerto_frontend
  concerto_hardware
  concerto_iframe
  concerto_remote_video
  concerto_simple_rss
  concerto_weather
  delayed_job_active_record
  devise!
  execjs (~> 2.2.2)
  font-awesome-sass
  foreman
  google-analytics-turbolinks (~> 0.0.4)
  i18n-js (>= 3.0.0.rc8, < 3.1.0)
  i18n-tasks (= 0.9.0)
  jquery-rails
  jquery-timepicker-rails
  json
  kaminari
  mysql2
  nokogiri (~> 1.13, >= 1.13.10)
  nprogress-rails (~> 0.2.0.2)
  octokit (~> 4.2.0)
  pg (~> 0.18)
  public_activity
  rack-mini-profiler
  rails (~> 4.2)
  redcarpet (~> 3.5.1)
  responders (~> 2.0)
  rmagick
  rubyzip (~> 1.3.0)
  sass-rails
  simplecov
  slop (~> 3.6.0)
  sprockets (~> 2.12)
  sqlite3 (~> 1.3.6)
  turbolinks (~> 2.5.3)
  twitter-bootstrap-rails-confirm
  uglifier (~> 2.7.2)
  web-console (~> 2.0)

RUBY VERSION
   ruby 2.6.10p210

BUNDLED WITH
   1.17.3
